PATH
  remote: .
  specs:
    osv (0.3.9)
      rb_sys (~> 0.9.39)

GEM
  remote: https://rubygems.org/
  specs:
    benchmark-ips (2.14.0)
    csv (3.3.2)
    fastcsv (0.0.7)
    minitest (5.25.4)
    rake (13.2.1)
    rake-compiler (1.2.0)
      rake
    rb_sys (0.9.103)

PLATFORMS
  arm64-darwin-23
  ruby

DEPENDENCIES
  benchmark-ips (~> 2.12)
  csv
  fastcsv (~> 0.0.7)
  minitest (~> 5.0)
  osv!
  rake
  rake-compiler (~> 1.2.0)
  rb_sys (~> 0.9.56)

BUNDLED WITH
   2.5.11
